GEM
  remote: https://rubygems.org/
  specs:
    colorize (1.1.0)
    date (3.4.1)

PLATFORMS
  x86_64-linux

DEPENDENCIES
  colorize (~> 1.1)
  date (~> 3.4)

BUNDLED WITH
   2.2.22
